GEM
  remote: http://rubygems.org/
  specs:
    baren (0.2.1)
      tilt (>= 1.1)
    rack (1.3.0)
    sinatra (1.2.6)
      rack (~> 1.1)
      tilt (>= 1.2.2, < 2.0)
    tilt (1.3.2)

PLATFORMS
  ruby

DEPENDENCIES
  baren (>= 0.2.1)
  sinatra
